GIT
  remote: https://github.com/TheCyberPulse/summer.git
  revision: 7c08c6a8b2e986030db3718ca71daf2ca8dd668d
  specs:
    summer (1.0.0)
      activesupport (>= 3)

GEM
  remote: https://rubygems.org/
  specs:
    activesupport (5.2.3)
      concurrent-ruby (~> 1.0, >= 1.0.2)
      i18n (>= 0.7, < 2)
      minitest (~> 5.1)
      tzinfo (~> 1.1)
    concurrent-ruby (1.1.5)
    i18n (1.6.0)
      concurrent-ruby (~> 1.0)
    minitest (5.11.3)
    pg (1.1.4)
    sequel (5.22.0)
    thread_safe (0.3.6)
    tzinfo (1.2.5)
      thread_safe (~> 0.1)

PLATFORMS
  ruby

DEPENDENCIES
  pg (~> 1.1.4)
  sequel (~> 5.22.0)
  summer!

BUNDLED WITH
   2.0.2
