GIT
  remote: https://github.com/TheCyberPulse/summer.git
  revision: 7c08c6a8b2e986030db3718ca71daf2ca8dd668d
  specs:
    summer (1.0.0)
      activesupport (>= 3)

GEM
  remote: https://rubygems.org/
  specs:
    activesupport (7.0.3.1)
      concurrent-ruby (~> 1.0, >= 1.0.2)
      i18n (>= 1.6, < 2)
      minitest (>= 5.1)
      tzinfo (~> 2.0)
    concurrent-ruby (1.1.10)
    haml (5.1.2)
      temple (>= 0.8.0)
      tilt
    i18n (1.12.0)
      concurrent-ruby (~> 1.0)
    minitest (5.16.2)
    mustermann (1.0.3)
    pg (1.1.4)
    rack (2.0.7)
    rack-protection (2.0.5)
      rack
    sequel (5.22.0)
    sinatra (2.0.5)
      mustermann (~> 1.0)
      rack (~> 2.0)
      rack-protection (= 2.0.5)
      tilt (~> 2.0)
    temple (0.8.1)
    tilt (2.0.9)
    tzinfo (2.0.5)
      concurrent-ruby (~> 1.0)

PLATFORMS
  ruby

DEPENDENCIES
  haml (~> 5.1.2)
  pg (~> 1.1.4)
  sequel (~> 5.22.0)
  sinatra (~> 2.0.5)
  summer!

BUNDLED WITH
   2.0.2
